PATH
  remote: .
  specs:
    mongo_mapper (0.8.6)
      activemodel (~> 3.0.0)
      activesupport (~> 3.0.0)
      plucky (= 0.3.8)

GEM
  remote: http://rubygems.org/
  specs:
    activemodel (3.0.11)
      activesupport (= 3.0.11)
      builder (~> 2.1.2)
      i18n (~> 0.5.0)
    activesupport (3.0.11)
    bson (1.5.2)
    bson_ext (1.5.2)
      bson (= 1.5.2)
    builder (2.1.2)
    i18n (0.5.0)
    jnunemaker-matchy (0.4.0)
    json (1.4.6)
    log_buddy (0.5.0)
    mocha (0.9.9)
      rake
    mongo (1.5.2)
      bson (= 1.5.2)
    plucky (0.3.8)
      mongo (~> 1.3)
    rake (0.8.7)
    shoulda (2.11.3)
    timecop (0.3.5)
    tzinfo (0.3.23)

PLATFORMS
  ruby

DEPENDENCIES
  bson_ext (= 1.5.2)
  jnunemaker-matchy (~> 0.4.0)
  json
  log_buddy
  mocha (~> 0.9.8)
  mongo_mapper!
  rake
  shoulda (~> 2.11)
  timecop (~> 0.3.1)
  tzinfo
